GEM
  remote: https://rubygems.org/
  specs:
    httpclient (2.6.0.1)

PLATFORMS
  ruby

DEPENDENCIES
  httpclient

BUNDLED WITH
   1.10.5
